GEM
  remote: https://rubygems.org/
  specs:
    rack (1.6.4)
    rulers (0.2.0)
      rack

PLATFORMS
  ruby

DEPENDENCIES
  rulers (= 0.2.0)

BUNDLED WITH
   1.12.5
