PATH
  remote: ../rulers
  specs:
    rulers (0.2.1)
      erubis
      multi_json
      pry
      rack

GEM
  remote: https://rubygems.org/
  specs:
    coderay (1.1.1)
    erubis (2.7.0)
    ffi (1.9.10)
    listen (3.1.5)
      rb-fsevent (~> 0.9, >= 0.9.4)
      rb-inotify (~> 0.9, >= 0.9.7)
      ruby_dep (~> 1.2)
    method_source (0.8.2)
    multi_json (1.12.1)
    pry (0.10.3)
      coderay (~> 1.1.0)
      method_source (~> 0.8.1)
      slop (~> 3.4)
    rack (1.6.4)
    rb-fsevent (0.9.7)
    rb-inotify (0.9.7)
      ffi (>= 0.5.0)
    rerun (0.11.0)
      listen (~> 3.0)
    ruby_dep (1.3.1)
    slop (3.6.0)

PLATFORMS
  ruby

DEPENDENCIES
  rerun
  rulers!

BUNDLED WITH
   1.12.5
